GEM
  remote: http://rubygems.org/
  specs:
    guard (1.2.3)
      listen (>= 0.4.2)
      thor (>= 0.14.6)
    guard-rake (0.0.7)
      guard
      rake
    listen (0.5.3)
    rake (10.0.2)
    rb-fsevent (0.9.2)
    thor (0.16.0)

PLATFORMS
  ruby

DEPENDENCIES
  guard
  guard-rake
  rake
  rb-fsevent (~> 0.9.1)
